PATH
  remote: .
  specs:
    createsend (1.0.3)
      hashie (~> 1.0)
      httparty (~> 0.8)
      json

GEM
  remote: http://rubygems.org/
  specs:
    fakeweb (1.3.0)
    hashie (1.2.0)
    httparty (0.8.1)
      multi_json
      multi_xml
    jnunemaker-matchy (0.4.0)
    json (1.6.1)
    metaclass (0.0.1)
    mocha (0.10.0)
      metaclass (~> 0.0.1)
    multi_json (1.0.3)
    multi_xml (0.4.1)
    rake (0.9.2.2)
    shoulda (3.0.1)
      shoulda-context (~> 1.0.0)
      shoulda-matchers (~> 1.0.0)
    shoulda-context (1.0.0)
    shoulda-matchers (1.0.0)

PLATFORMS
  ruby

DEPENDENCIES
  createsend!
  fakeweb (~> 1.3)
  jnunemaker-matchy (~> 0.4)
  mocha (~> 0.9)
  rake
  shoulda (~> 3.0.1)
